GEM
  remote: https://rubygems.org/
  specs:
    addressable (2.8.1)
      public_suffix (>= 2.0.2, < 6.0)
    awesome_print (1.8.0)
    faraday (1.1.0)
      multipart-post (>= 1.2, < 3)
      ruby2_keywords
    git (1.13.0)
      addressable (~> 2.8)
      rchardet (~> 1.8)
    multipart-post (2.1.1)
    public_suffix (5.0.1)
    rchardet (1.8.0)
    ruby2_keywords (0.0.2)

PLATFORMS
  ruby

DEPENDENCIES
  awesome_print
  faraday
  git

BUNDLED WITH
   2.1.4
