GEM
  remote: https://rubygems.org/
  specs:
    awesome_print (1.8.0)
    faraday (1.1.0)
      multipart-post (>= 1.2, < 3)
      ruby2_keywords
    git (1.11.0)
      rchardet (~> 1.8)
    multipart-post (2.1.1)
    rchardet (1.8.0)
    ruby2_keywords (0.0.2)

PLATFORMS
  ruby

DEPENDENCIES
  awesome_print
  faraday
  git

BUNDLED WITH
   2.1.4
